GEM
  remote: https://rubygems.org/
  specs:
    dbf (3.1.3)
    ffi (1.9.25)
    ffi-geos (1.2.1)
      ffi (>= 1.0.0)
    httparty (0.16.3)
      mime-types (~> 3.0)
      multi_xml (>= 0.5.2)
    mime-types (3.2.2)
      mime-types-data (~> 3.2015)
    mime-types-data (3.2018.0812)
    multi_xml (0.6.0)
    mustermann (1.0.3)
    rack (2.0.6)
    rack-protection (2.0.4)
      rack
    rgeo (1.1.2)
    rgeo-shapefile (1.0.0)
      dbf (~> 3.0)
      rgeo (~> 1.0)
    sinatra (2.0.4)
      mustermann (~> 1.0)
      rack (~> 2.0)
      rack-protection (= 2.0.4)
      tilt (~> 2.0)
    tilt (2.0.8)

PLATFORMS
  ruby

DEPENDENCIES
  ffi-geos
  httparty
  rgeo
  rgeo-shapefile
  sinatra

BUNDLED WITH
   1.17.1
