GEM
  remote: https://rubygems.org/
  specs:
    dbf (2.0.6)
      fastercsv (~> 1.5.4)
    fastercsv (1.5.5)
    ffi (1.9.0)
    ffi-geos (0.2.1)
      ffi (>= 1.0.0)
    httparty (0.11.0)
      multi_json (~> 1.0)
      multi_xml (>= 0.5.2)
    multi_json (1.7.7)
    multi_xml (0.5.4)
    rack (1.5.2)
    rack-protection (1.5.0)
      rack
    rgeo (0.3.20)
    rgeo-shapefile (0.2.3)
      dbf (>= 1.7.0)
      rgeo (>= 0.3.3)
    sinatra (1.4.3)
      rack (~> 1.4)
      rack-protection (~> 1.4)
      tilt (~> 1.3, >= 1.3.4)
    tilt (1.4.1)

PLATFORMS
  ruby

DEPENDENCIES
  ffi-geos
  httparty
  rgeo
  rgeo-shapefile
  sinatra
