GEM
  remote: https://rubygems.org/
  specs:
    dbf (3.1.1)
    ffi (1.9.23)
    ffi-geos (1.2.1)
      ffi (>= 1.0.0)
    httparty (0.16.1)
      multi_xml (>= 0.5.2)
    multi_xml (0.6.0)
    mustermann (1.0.2)
    rack (2.0.4)
    rack-protection (2.0.1)
      rack
    rgeo (1.0.0)
    rgeo-shapefile (1.0.0)
      dbf (~> 3.0)
      rgeo (~> 1.0)
    sinatra (2.0.1)
      mustermann (~> 1.0)
      rack (~> 2.0)
      rack-protection (= 2.0.1)
      tilt (~> 2.0)
    tilt (2.0.8)

PLATFORMS
  ruby

DEPENDENCIES
  ffi-geos
  httparty
  rgeo
  rgeo-shapefile
  sinatra

BUNDLED WITH
   1.16.1
